PATH
  remote: .
  specs:
    typingtutor (1.0.3)
      highline (= 1.7.8)

GEM
  remote: http://rubygems.org/
  specs:
    highline (1.7.8)
    rake (11.2.2)

PLATFORMS
  ruby

DEPENDENCIES
  rake
  typingtutor!

BUNDLED WITH
   1.12.5
